GEM
  remote: https://rubygems.org/
  specs:
    builder (3.2.2)
    colorize (0.8.1)
    concurrent-ruby (1.0.5)
    cucumber (2.1.0)
      builder (>= 2.1.2)
      cucumber-core (~> 1.3.0)
      diff-lcs (>= 1.1.3)
      gherkin3 (~> 3.1.0)
      multi_json (>= 1.7.5, < 2.0)
      multi_test (>= 0.1.2)
    cucumber-core (1.3.0)
      gherkin3 (~> 3.1.0)
    diff-lcs (1.2.5)
    gherkin3 (3.1.2)
    hiptest-publisher (1.11.1)
      colorize (~> 0.7, >= 0.7.5)
      i18n (~> 0.7, >= 0.7.0)
      multipart-post (~> 2.0, >= 2.0.0)
      nokogiri (~> 1.8.0, >= 1.8.0)
      parseconfig (~> 1.0, >= 1.0.4)
      ruby-handlebars (~> 0.0.2)
      ruby_version (~> 1)
    i18n (0.9.5)
      concurrent-ruby (~> 1.0)
    mini_portile2 (2.3.0)
    multi_json (1.11.2)
    multi_test (0.1.2)
    multipart-post (2.0.0)
    nokogiri (1.8.2)
      mini_portile2 (~> 2.3.0)
    parseconfig (1.0.8)
    parslet (1.8.2)
    power_assert (0.2.3)
    ruby-handlebars (0.0.6)
      colorize (~> 0.7, >= 0.7.5)
      parslet (~> 1.6, >= 1.6.2)
    ruby_version (1.0.1)
    test-unit (3.1.2)
      power_assert

PLATFORMS
  ruby

DEPENDENCIES
  cucumber
  hiptest-publisher
  test-unit

RUBY VERSION
   ruby 2.3.1p112

BUNDLED WITH
   1.16.2
